GEM
  remote: https://rubygems.org/
  specs:
    ansi (1.5.0)
    bcrypt_pbkdf (1.1.0)
    cli-ui (1.5.1)
    ed25519 (1.2.4)
    hashie (4.1.0)
    itamae (1.12.1)
      ansi
      hashie
      schash (~> 0.1.0)
      specinfra (>= 2.64.0, < 3.0.0)
      thor
    net-ping (2.0.8)
    net-scp (3.0.0)
      net-ssh (>= 2.6.5, < 7.0.0)
    net-ssh (6.1.0)
    net-telnet (0.1.1)
    parallel (1.20.1)
    schash (0.1.2)
    sfl (2.3)
    specinfra (2.82.25)
      net-scp
      net-ssh (>= 2.7)
      net-telnet (= 0.1.1)
      sfl
    thor (1.1.0)

PLATFORMS
  arm64-darwin-21
  x86_64-darwin-20

DEPENDENCIES
  bcrypt_pbkdf
  cli-ui
  ed25519
  itamae
  net-ping
  net-ssh
  parallel

BUNDLED WITH
   2.2.3
